GEM
  remote: https://rubygems.org/
  specs:
    gemoji (3.0.1)

PLATFORMS
  ruby

DEPENDENCIES
  gemoji (~> 3.0)

RUBY VERSION
   ruby 2.7.6p219

BUNDLED WITH
   2.1.4
